PATH
  remote: .
  specs:
    deacon (0.0.3)

GEM
  remote: http://rubygems.org/
  specs:
    json (1.8.3)
    rake (10.5.0)
    rdoc (4.2.2)
      json (~> 1.4)

PLATFORMS
  ruby

DEPENDENCIES
  deacon!
  rake
  rdoc

BUNDLED WITH
   1.10.5
