PATH
  remote: .
  specs:
    foreman_name_generator (0.0.1)

GEM
  remote: http://rubygems.org/
  specs:
    ast (2.2.0)
    json (1.8.3)
    parser (2.3.0.6)
      ast (~> 2.2)
    powerpack (0.1.1)
    rainbow (2.1.0)
    rdoc (4.2.2)
      json (~> 1.4)
    rubocop (0.37.1)
      parser (>= 2.3.0.4, < 3.0)
      powerpack (~> 0.1)
      rainbow (>= 1.99.1, < 3.0)
      ruby-progressbar (~> 1.7)
      unicode-display_width (~> 0.3)
    ruby-progressbar (1.7.5)
    unicode-display_width (0.3.1)

PLATFORMS
  ruby

DEPENDENCIES
  foreman_name_generator!
  rdoc
  rubocop

BUNDLED WITH
   1.10.5
